GEM
  remote: https://rubygems.org/
  specs:
    coderay (1.1.3)
    method_source (1.0.0)
    nio4r (2.5.8)
    pry (0.14.2)
      coderay (~> 1.1)
      method_source (~> 1.0)
    pry-nav (1.0.0)
      pry (>= 0.9.10, < 0.15)
    pry-remote (0.1.8)
      pry (~> 0.9)
      slop (~> 3.0)
    puma (6.1.1)
      nio4r (~> 2.0)
    rack (3.0.4.2)
    rackup (2.1.0)
      rack (>= 3)
      webrick (~> 1.8)
    slop (3.6.0)
    webrick (1.8.1)

PLATFORMS
  ruby

DEPENDENCIES
  pry
  pry-nav
  pry-remote
  puma
  rackup

RUBY VERSION
   ruby 2.7.2p137

BUNDLED WITH
   2.1.4
